GEM
  remote: https://rubygems.org/
  specs:
    dun (0.1.1)
    rack (1.5.2)

PLATFORMS
  ruby

DEPENDENCIES
  dun
  rack
