GIT
  remote: git://github.com/baya/ground.git
  revision: bd4f89f0073ccdd71efa518ef847e31320333380
  ref: bd4f89f0073
  specs:
    ground (0.0.1)
      dun
      rack

GEM
  remote: http://ruby.taobao.org/
  specs:
    activesupport (4.0.0)
      i18n (~> 0.6, >= 0.6.4)
      minitest (~> 4.2)
      multi_json (~> 1.3)
      thread_safe (~> 0.1)
      tzinfo (~> 0.3.37)
    atomic (1.1.14)
    chronic (0.10.2)
    dun (0.1.1)
    i18n (0.6.5)
    json (1.8.0)
    mime-types (1.25)
    minitest (4.7.5)
    multi_json (1.8.0)
    rack (1.5.2)
    rake (10.1.0)
    rest-client (1.6.7)
      mime-types (>= 1.16)
    sequel (4.1.1)
    sqlite3 (1.3.7)
    thread_safe (0.1.3)
      atomic
    tzinfo (0.3.37)
    whenever (0.8.4)
      activesupport (>= 2.3.4)
      chronic (>= 0.6.3)

PLATFORMS
  ruby

DEPENDENCIES
  dun
  ground!
  json
  rack
  rake
  rest-client
  sequel
  sqlite3
  whenever
