GEM
  remote: https://rubygems.org/
  specs:
    dun (0.1.1)
    json (1.8.0)
    mime-types (1.25)
    rack (1.5.2)
    rest-client (1.6.7)
      mime-types (>= 1.16)
    sequel (4.1.1)
    sqlite3 (1.3.7)

PLATFORMS
  ruby

DEPENDENCIES
  dun
  json
  rack
  rest-client
  sequel
  sqlite3
